GEM
  remote: http://rubygems.org/
  specs:
    faraday (0.8.4)
      multipart-post (~> 1.1)
    faraday_middleware (0.8.8)
      faraday (>= 0.7.4, < 0.9)
    multipart-post (1.1.5)

PLATFORMS
  ruby

DEPENDENCIES
  faraday
  faraday_middleware
